GIT
  remote: git://github.com/mongoid/mongoid.git
  revision: 7b3cfd92c5aba0b985ed1b9c1018a9b9982d3823
  branch: legacy
  specs:
    mongoid (1.9.5)
      activesupport (< 3.0.0)
      bson (~> 1.3.0)
      durran-validatable (>= 2.0.1)
      mongo (~> 1.3.0)
      will_paginate (< 2.9)

GEM
  remote: http://rubygems.org/
  specs:
    activesupport (2.3.14)
    bson (1.3.1)
    bson_ext (0.20.1)
    durran-validatable (2.0.1)
    git (1.2.5)
    jeweler (1.6.4)
      bundler (~> 1.0)
      git (>= 1.2.5)
      rake
    mongo (1.3.1)
      bson (>= 1.3.1)
    rake (0.8.7)
    rcov (0.9.9)
    will_paginate (2.3.16)

PLATFORMS
  ruby

DEPENDENCIES
  bson_ext (= 0.20.1)
  bundler (~> 1.0.0)
  jeweler (~> 1.6.0)
  mongoid!
  rcov
